GEM
  remote: https://rubygems.org/
  specs:
    nokogiri (1.5.11)

PLATFORMS
  ruby

DEPENDENCIES
  nokogiri (~> 1.5.0)
